PATH
  remote: .
  specs:
    git-multirepo (1.0.0.beta60)
      claide (~> 1.0.1)
      colored (~> 1.2)
      naturally (~> 2.1)
      os (~> 0.9.6)
      ruby-graphviz (~> 1.2.2)
      terminal-table (~> 1.7.3)

GEM
  remote: https://rubygems.org/
  specs:
    claide (1.0.1)
    colored (1.2)
    diff-lcs (1.2.5)
    naturally (2.1.0)
    os (0.9.6)
    rake (10.4.2)
    rspec (3.1.0)
      rspec-core (~> 3.1.0)
      rspec-expectations (~> 3.1.0)
      rspec-mocks (~> 3.1.0)
    rspec-core (3.1.7)
      rspec-support (~> 3.1.0)
    rspec-expectations (3.1.2)
      diff-lcs (>= 1.2.0, < 2.0)
      rspec-support (~> 3.1.0)
    rspec-mocks (3.1.3)
      rspec-support (~> 3.1.0)
    rspec-support (3.1.2)
    ruby-graphviz (1.2.2)
    terminal-table (1.7.3)
      unicode-display_width (~> 1.1.1)
    unicode-display_width (1.1.3)

PLATFORMS
  ruby
  x64-mingw32

DEPENDENCIES
  bundler (~> 1.7)
  git-multirepo!
  rake (~> 10.0)
  rspec (~> 3.1.0)

BUNDLED WITH
   1.14.6
