PATH
  remote: .
  specs:
    git-multirepo (0.0.1)
      claide (~> 0.8, >= 0.8.0)
      colored (~> 1.2)
      os (~> 0.9.6)

GEM
  remote: https://rubygems.org/
  specs:
    claide (0.8.0)
    colored (1.2)
    diff-lcs (1.2.5)
    os (0.9.6)
    rake (10.4.2)
    rspec (3.1.0)
      rspec-core (~> 3.1.0)
      rspec-expectations (~> 3.1.0)
      rspec-mocks (~> 3.1.0)
    rspec-core (3.1.7)
      rspec-support (~> 3.1.0)
    rspec-expectations (3.1.2)
      diff-lcs (>= 1.2.0, < 2.0)
      rspec-support (~> 3.1.0)
    rspec-mocks (3.1.3)
      rspec-support (~> 3.1.0)
    rspec-support (3.1.2)

PLATFORMS
  ruby

DEPENDENCIES
  bundler (~> 1.7)
  git-multirepo!
  rake (~> 10.0)
  rspec (~> 3.1.0)
