PATH
  remote: .
  specs:
    git-multirepo (1.0.0.beta74)
      claide (~> 1.0.2)
      colored (~> 1.2)
      naturally (~> 2.2.0)
      os (~> 1.0.0)
      terminal-table (~> 1.8.0)

GEM
  remote: https://rubygems.org/
  specs:
    claide (1.0.2)
    colored (1.2)
    diff-lcs (1.3)
    naturally (2.2.0)
    os (1.0.1)
    rake (12.3.2)
    rspec (3.8.0)
      rspec-core (~> 3.8.0)
      rspec-expectations (~> 3.8.0)
      rspec-mocks (~> 3.8.0)
    rspec-core (3.8.0)
      rspec-support (~> 3.8.0)
    rspec-expectations (3.8.2)
      diff-lcs (>= 1.2.0, < 2.0)
      rspec-support (~> 3.8.0)
    rspec-mocks (3.8.0)
      diff-lcs (>= 1.2.0, < 2.0)
      rspec-support (~> 3.8.0)
    rspec-support (3.8.0)
    terminal-table (1.8.0)
      unicode-display_width (~> 1.1, >= 1.1.1)
    unicode-display_width (1.6.0)

PLATFORMS
  ruby
  x64-mingw32

DEPENDENCIES
  bundler (~> 2.0.1)
  git-multirepo!
  rake (~> 12.3.2)
  rspec (~> 3.8.0)

BUNDLED WITH
   2.0.2
